GEM
  remote: http://rubygems.org/
  specs:
    redis (2.2.1)
    rspec (1.3.0)

PLATFORMS
  ruby

DEPENDENCIES
  redis
  rspec
